GEM
  remote: http://rubygems.org/
  specs:
    RedCloth (4.2.9)
    addressable (2.5.2)
      public_suffix (>= 2.0.2, < 4.0)
    chunky_png (1.3.8)
    colorator (1.1.0)
    compass (0.12.7)
      chunky_png (~> 1.2)
      fssm (>= 0.2.7)
      sass (~> 3.2.19)
    ffi (1.9.18)
    forwardable-extended (2.6.0)
    fssm (0.2.10)
    haml (3.1.8)
    jekyll (3.6.2)
      addressable (~> 2.4)
      colorator (~> 1.0)
      jekyll-sass-converter (~> 1.0)
      jekyll-watch (~> 1.1)
      kramdown (~> 1.14)
      liquid (~> 4.0)
      mercenary (~> 0.3.3)
      pathutil (~> 0.9)
      rouge (>= 1.7, < 3)
      safe_yaml (~> 1.0)
    jekyll-sass-converter (1.3.0)
      sass (~> 3.2)
    jekyll-watch (1.5.0)
      listen (~> 3.0, < 3.1)
    kramdown (1.16.2)
    liquid (4.0.0)
    listen (3.0.8)
      rb-fsevent (~> 0.9, >= 0.9.4)
      rb-inotify (~> 0.9, >= 0.9.7)
    mercenary (0.3.6)
    multi_json (1.12.2)
    mustermann (1.0.2)
    pathutil (0.16.0)
      forwardable-extended (~> 2.6)
    public_suffix (3.0.1)
    pygments.rb (1.2.0)
      multi_json (>= 1.0.0)
    rack (2.0.4)
    rack-protection (2.0.1)
      rack
    rake (12.3.0)
    rb-fsevent (0.10.2)
    rb-inotify (0.9.10)
      ffi (>= 0.5.0, < 2)
    rdiscount (1.6.8)
    rouge (2.2.1)
    rubypants (0.2.0)
    safe_yaml (1.0.4)
    sass (3.2.19)
    sass-globbing (1.0.0)
      sass (>= 3.1)
    sinatra (2.0.1)
      mustermann (~> 1.0)
      rack (~> 2.0)
      rack-protection (= 2.0.1)
      tilt (~> 2.0)
    stringex (1.4.0)
    tilt (2.0.8)

PLATFORMS
  ruby

DEPENDENCIES
  RedCloth (~> 4.2.9)
  compass (~> 0.12.2)
  haml (~> 3.1.7)
  jekyll (~> 3.6.2)
  liquid (~> 4.0)
  pygments.rb (~> 1.2.0)
  rake
  rb-fsevent (~> 0.9)
  rdiscount (~> 1.6.8)
  rubypants (~> 0.2.0)
  sass-globbing (~> 1.0.0)
  sinatra (~> 2.0.0)
  stringex (~> 1.4.0)

BUNDLED WITH
   1.16.1
